GEM
  remote: https://rubygems.org/
  specs:
    redis (3.1.0)
    redis-namespace (1.5.1)
      redis (~> 3.0, >= 3.0.4)

PLATFORMS
  java

DEPENDENCIES
  redis
  redis-namespace
